PATH
  remote: .
  specs:
    auth3_sdk (1.0.0)
      grpc (~> 1.0)

GEM
  remote: http://rubygems.org/
  specs:
    google-protobuf (3.18.0)
    googleapis-common-protos-types (1.2.0)
      google-protobuf (~> 3.14)
    grpc (1.41.0)
      google-protobuf (~> 3.17)
      googleapis-common-protos-types (~> 1.0)

PLATFORMS
  ruby

DEPENDENCIES
  auth3_sdk!

BUNDLED WITH
   1.17.2
